PATH
  remote: .
  specs:
    buildku (0.0.1)

GEM
  specs:

PLATFORMS
  ruby

DEPENDENCIES
  buildku!
